GIT
  remote: git://github.com/NREL/openstudio-standards.git
  revision: 3669dfb0ddd1f13378891edc9d0b4ac1207820de
  specs:
    openstudio-standards (0.1.0)

PATH
  remote: ../../openstudio-workflow-gem
  specs:
    openstudio-workflow (0.2.0)
      colored (~> 1.2)
      facter (>= 2.0)
      multi_json (~> 1.10.0)
      rubyXL (~> 3.3.0)
      rubyzip (~> 1.1.7)

GEM
  remote: http://rubygems.org/
  specs:
    activemodel (3.2.22)
      activesupport (= 3.2.22)
      builder (~> 3.0.0)
    activesupport (3.2.22)
      i18n (~> 0.6, >= 0.6.4)
      multi_json (~> 1.0)
    builder (3.0.4)
    climate_control (0.0.3)
      activesupport (>= 3.0)
    cocaine (0.5.8)
      climate_control (>= 0.0.3, < 1.0)
    colored (1.2)
    delayed_job (4.1.1)
      activesupport (>= 3.0, < 5.0)
    delayed_job_mongoid (2.2.0)
      delayed_job (>= 3.0, < 5)
      mongoid (>= 3.0, < 6)
      mongoid-compatibility
    facter (2.3.0-x64-mingw32)
      ffi (~> 1.9.5)
      win32-dir (~> 0.4.8)
      win32-security (~> 0.2.5)
    ffi (1.9.10-x64-mingw32)
    i18n (0.7.0)
    macaddr (1.7.1)
      systemu (~> 2.6.2)
    mime-types (3.0)
      mime-types-data (~> 3.2015)
    mime-types-data (3.2015.1120)
    mini_portile2 (2.0.0)
    mongoid (3.1.7)
      activemodel (~> 3.2)
      moped (~> 1.4)
      origin (~> 1.0)
      tzinfo (~> 0.3.29)
    mongoid-compatibility (0.3.1)
      activesupport
      mongoid (>= 2.0)
    mongoid-paperclip (0.0.10)
      paperclip (>= 2.3.6, != 4.3.0)
    moped (1.5.3)
    msgpack (0.7.4-x64-mingw32)
    multi_json (1.10.1)
    nokogiri (1.6.7.1-x64-mingw32)
      mini_portile2 (~> 2.0.0.rc2)
    oj (2.14.3)
    origin (1.1.0)
    os (0.9.6)
    paperclip (4.1.1)
      activemodel (>= 3.0.0)
      activesupport (>= 3.0.0)
      cocaine (~> 0.5.3)
      mime-types
    parallel (1.6.1)
    rserve-client (0.3.1)
    rserve-simpler (0.0.6)
      rserve-client (~> 0.3.0)
    ruby-prof (0.15.9)
    rubyXL (3.3.15)
      nokogiri (>= 1.4.4)
      rubyzip (>= 1.1.6)
    rubyzip (1.1.7)
    systemu (2.6.5)
    tzinfo (0.3.46)
    uuid (2.3.8)
      macaddr (~> 1.0)
    win32-dir (0.4.9)
      ffi (>= 1.0.0)
    win32-security (0.2.5)
      ffi

PLATFORMS
  x64-mingw32

DEPENDENCIES
  delayed_job_mongoid
  facter (~> 2.3.0)
  libxml-ruby
  mongoid (~> 3.1.6)
  mongoid-paperclip
  msgpack
  multi_json
  oj
  openstudio-standards!
  openstudio-workflow!
  os
  paperclip (~> 4.1.1)
  parallel
  rserve-simpler
  ruby-prof
  uuid

BUNDLED WITH
   1.11.2
